GEM
  remote: https://rubygems.org/
  specs:
    aws-eventstream (1.3.0)
    aws-partitions (1.940.0)
    aws-sdk-core (3.197.0)
      aws-eventstream (~> 1, >= 1.3.0)
      aws-partitions (~> 1, >= 1.651.0)
      aws-sigv4 (~> 1.8)
      jmespath (~> 1, >= 1.6.1)
    aws-sdk-kms (1.83.0)
      aws-sdk-core (~> 3, >= 3.197.0)
      aws-sigv4 (~> 1.1)
    aws-sdk-s3 (1.151.0)
      aws-sdk-core (~> 3, >= 3.194.0)
      aws-sdk-kms (~> 1)
      aws-sigv4 (~> 1.8)
    aws-sdk-sqs (1.74.0)
      aws-sdk-core (~> 3, >= 3.193.0)
      aws-sigv4 (~> 1.1)
    aws-sigv4 (1.8.0)
      aws-eventstream (~> 1, >= 1.0.2)
    config (5.5.1)
      deep_merge (~> 1.2, >= 1.2.1)
    deep_merge (1.2.2)
    docile (1.4.0)
    ffi (1.17.0-x86_64-darwin)
    ffi-libarchive (1.1.14)
      ffi (~> 1.0)
    jmespath (1.6.2)
    mime-types (3.5.2)
      mime-types-data (~> 3.2015)
    mime-types-data (3.2024.0507)
    mimemagic (0.3.10)
      nokogiri (~> 1)
      rake
    minitest (5.23.1)
    nokogiri (1.16.5-x86_64-darwin)
      racc (~> 1.4)
    os (1.1.4)
    racc (1.8.0)
    rake (13.2.1)
    rubyzip (2.3.2)
    simplecov (0.22.0)
      docile (~> 1.1)
      simplecov-html (~> 0.11)
      simplecov_json_formatter (~> 0.1)
    simplecov-html (0.12.3)
    simplecov_json_formatter (0.1.4)

PLATFORMS
  x86_64-darwin-21

DEPENDENCIES
  aws-sdk-s3
  aws-sdk-sqs
  config
  ffi-libarchive
  mime-types
  mimemagic (~> 0.3.6)
  minitest
  os
  rake (~> 13.0)
  rubyzip
  simplecov

BUNDLED WITH
   2.3.22
