GEM
  remote: https://rubygems.org/
  specs:
    aws-eventstream (1.4.0)
    aws-partitions (1.1159.0)
    aws-sdk-core (3.232.0)
      aws-eventstream (~> 1, >= 1.3.0)
      aws-partitions (~> 1, >= 1.992.0)
      aws-sigv4 (~> 1.9)
      base64
      bigdecimal
      jmespath (~> 1, >= 1.6.1)
      logger
    aws-sdk-kms (1.112.0)
      aws-sdk-core (~> 3, >= 3.231.0)
      aws-sigv4 (~> 1.5)
    aws-sdk-s3 (1.199.0)
      aws-sdk-core (~> 3, >= 3.231.0)
      aws-sdk-kms (~> 1)
      aws-sigv4 (~> 1.5)
    aws-sdk-sqs (1.103.0)
      aws-sdk-core (~> 3, >= 3.231.0)
      aws-sigv4 (~> 1.5)
    aws-sigv4 (1.12.1)
      aws-eventstream (~> 1, >= 1.0.2)
    base64 (0.3.0)
    bigdecimal (3.2.3)
    config (5.6.1)
      deep_merge (~> 1.2, >= 1.2.1)
      ostruct
    deep_merge (1.2.2)
    docile (1.4.1)
    ffi (1.17.2-arm64-darwin)
    ffi (1.17.2-x86_64-darwin)
    ffi-libarchive (1.1.14)
      ffi (~> 1.0)
    jmespath (1.6.2)
    logger (1.7.0)
    mime-types (3.7.0)
      logger
      mime-types-data (~> 3.2025, >= 3.2025.0507)
    mime-types-data (3.2025.0909)
    mimemagic (0.3.10)
      nokogiri (~> 1)
      rake
    minitest (5.25.5)
    nokogiri (1.18.10-arm64-darwin)
      racc (~> 1.4)
    nokogiri (1.18.10-x86_64-darwin)
      racc (~> 1.4)
    os (1.1.4)
    ostruct (0.6.3)
    racc (1.8.1)
    rake (13.3.0)
    ruby-filemagic (0.7.3)
    rubyzip (3.1.0)
    simplecov (0.22.0)
      docile (~> 1.1)
      simplecov-html (~> 0.11)
      simplecov_json_formatter (~> 0.1)
    simplecov-html (0.13.2)
    simplecov_json_formatter (0.1.4)

PLATFORMS
  arm64-darwin-23
  arm64-darwin-24
  x86_64-darwin-21

DEPENDENCIES
  aws-sdk-s3
  aws-sdk-sqs
  config
  ffi-libarchive
  mime-types
  mimemagic (~> 0.3.6)
  minitest
  nokogiri (>= 1.18.9)
  os
  rake (~> 13.0)
  ruby-filemagic (>= 0.7.1)
  rubyzip
  simplecov

BUNDLED WITH
   2.3.22
