GEM
  remote: https://rubygems.org/
  specs:
    aws-eventstream (1.1.0)
    aws-partitions (1.416.0)
    aws-sdk-core (3.111.0)
      aws-eventstream (~> 1, >= 1.0.2)
      aws-partitions (~> 1, >= 1.239.0)
      aws-sigv4 (~> 1.1)
      jmespath (~> 1.0)
    aws-sdk-kms (1.41.0)
      aws-sdk-core (~> 3, >= 3.109.0)
      aws-sigv4 (~> 1.1)
    aws-sdk-s3 (1.87.0)
      aws-sdk-core (~> 3, >= 3.109.0)
      aws-sdk-kms (~> 1)
      aws-sigv4 (~> 1.1)
    aws-sdk-sqs (1.35.0)
      aws-sdk-core (~> 3, >= 3.109.0)
      aws-sigv4 (~> 1.1)
    aws-sigv4 (1.2.2)
      aws-eventstream (~> 1, >= 1.0.2)
    jmespath (1.4.0)
    mime-types (3.3.1)
      mime-types-data (~> 3.2015)
    mime-types-data (3.2020.1104)
    mimemagic (0.3.10)
      nokogiri (~> 1)
      rake
    nokogiri (1.11.2-x86_64-darwin)
      racc (~> 1.4)
    os (1.1.1)
    racc (1.5.2)
    rake (13.0.3)
    rubyzip (2.3.0)

PLATFORMS
  x86_64-darwin-19

DEPENDENCIES
  aws-sdk-s3
  aws-sdk-sqs
  mime-types
  mimemagic (~> 0.3.6)
  os
  rake (~> 13.0)
  rubyzip

RUBY VERSION
   ruby 2.7.2p137

BUNDLED WITH
   2.2.4
